GIT
  remote: https://github.com/medusa-project/simple-amqp-server.git
  revision: c8edbe3d20303821f17babdcb9b467b787da859d
  specs:
    simple-amqp-server (1.0.6)
      bunny (~> 2.1)
      logging
      retryable
      uuid

GEM
  remote: https://rubygems.org/
  specs:
    amq-protocol (2.0.0)
    bagit (0.3.2)
      docopt (~> 0.5.0)
      validatable (~> 1.6)
    bunny (2.1.0)
      amq-protocol (>= 2.0.0)
    cattr (0.1.2)
    docopt (0.5.0)
    little-plugger (1.1.3)
    logging (2.0.0)
      little-plugger (~> 1.1)
      multi_json (~> 1.10)
    macaddr (1.7.1)
      systemu (~> 2.6.2)
    multi_json (1.11.2)
    os (0.9.6)
    retryable (2.0.2)
    systemu (2.6.5)
    uuid (2.3.8)
      macaddr (~> 1.0)
    validatable (1.6.7)

PLATFORMS
  java

DEPENDENCIES
  bagit
  cattr
  os
  simple-amqp-server!

BUNDLED WITH
   1.10.6
