GIT
  remote: https://github.com/medusa-project/simple-amqp-server-jruby.git
  revision: c1306fc4d66f0b8ead40de9987c3cfa8af4d42e2
  specs:
    simple-amqp-server (1.0.10)
      bunny (~> 1.7)
      logging
      retryable
      uuid

GEM
  remote: https://rubygems.org/
  specs:
    amq-protocol (1.9.2)
    bagit (0.3.2)
      docopt (~> 0.5.0)
      validatable (~> 1.6)
    bunny (1.7.1)
      amq-protocol (~> 1.9.2)
    cattr (0.1.2)
    docopt (0.5.0)
    little-plugger (1.1.3)
    logging (2.0.0)
      little-plugger (~> 1.1)
      multi_json (~> 1.10)
    macaddr (1.7.1)
      systemu (~> 2.6.2)
    multi_json (1.11.2)
    os (0.9.6)
    retryable (2.0.2)
    systemu (2.6.5)
    uuid (2.3.8)
      macaddr (~> 1.0)
    validatable (1.6.7)

PLATFORMS
  java

DEPENDENCIES
  bagit
  cattr
  os
  simple-amqp-server!
