GIT
  remote: https://github.com/medusa-project/simple-amqp-server.git
  revision: bbe6d054dd244d4522750663b8ff9cd1506ee274
  specs:
    simple-amqp-server (0.0.3)
      bunny
      logging
      uuid

GEM
  remote: https://rubygems.org/
  specs:
    amq-protocol (1.9.2)
    bagit (0.3.2)
      docopt (~> 0.5.0)
      validatable (~> 1.6)
    bunny (1.5.1)
      amq-protocol (>= 1.9.2)
    cattr (0.1.2)
    docopt (0.5.0)
    little-plugger (1.1.3)
    logging (1.8.2)
      little-plugger (>= 1.1.3)
      multi_json (>= 1.8.4)
    macaddr (1.7.1)
      systemu (~> 2.6.2)
    multi_json (1.10.1)
    os (0.9.6)
    systemu (2.6.4)
    uuid (2.3.7)
      macaddr (~> 1.0)
    validatable (1.6.7)

PLATFORMS
  java

DEPENDENCIES
  bagit
  cattr
  os
  simple-amqp-server!
