GEM
  remote: https://rubygems.org/
  specs:
    amq-protocol (1.9.2)
    amqp (1.4.0)
      amq-protocol (>= 1.9.2)
      eventmachine
    bagit (0.3.2)
      docopt (~> 0.5.0)
      validatable (~> 1.6)
    bunny (1.3.1)
      amq-protocol (>= 1.9.2)
    cattr (0.1.2)
    docopt (0.5.0)
    eventmachine (1.0.3-java)
    little-plugger (1.1.3)
    logging (1.8.2)
      little-plugger (>= 1.1.3)
      multi_json (>= 1.8.4)
    macaddr (1.7.1)
      systemu (~> 2.6.2)
    multi_json (1.10.1)
    systemu (2.6.4)
    uuid (2.3.7)
      macaddr (~> 1.0)
    validatable (1.6.7)

PLATFORMS
  java

DEPENDENCIES
  amqp
  bagit
  bunny
  cattr
  logging
  uuid
