GIT
  remote: https://github.com/medusa-project/bagit.git
  revision: 28d3b9273f0c4fa817448d25000051e2d491c404
  specs:
    bagit (0.3.2)
      docopt (~> 0.5.0)
      validatable (~> 1.6)

GIT
  remote: https://github.com/medusa-project/simple-amqp-server-jruby.git
  revision: ea82174e1ab73adc7fdf9ecb9f2e0b80ebd77d40
  specs:
    simple-amqp-server (2.1.1)
      logging
      march_hare
      retryable
      uuid

GEM
  remote: https://rubygems.org/
  specs:
    cattr (0.1.2)
    docopt (0.5.0)
    leveldb-jruby (1.1.0-java)
      leveldbjni-jars (~> 1.8.0)
    leveldbjni-jars (1.8.0-java)
    little-plugger (1.1.4)
    logging (2.2.2)
      little-plugger (~> 1.1)
      multi_json (~> 1.10)
    macaddr (1.7.1)
      systemu (~> 2.6.2)
    march_hare (3.0.0-java)
    multi_json (1.12.2)
    os (1.0.0)
    retryable (2.0.4)
    systemu (2.6.5)
    uuid (2.3.8)
      macaddr (~> 1.0)
    validatable (1.6.7)

PLATFORMS
  java

DEPENDENCIES
  bagit!
  cattr
  leveldb-jruby
  os
  simple-amqp-server!

BUNDLED WITH
   1.15.4
